GEM
  remote: https://rubygems.org/
  specs:
    airbrussh (1.0.2)
      sshkit (>= 1.6.1, != 1.7.0)
    ast (2.2.0)
    builder (3.2.2)
    byebug (9.0.3)
    capistrano (3.5.0)
      airbrussh (>= 1.0.0)
      capistrano-harrow
      i18n
      rake (>= 10.0.0)
      sshkit (>= 1.9.0)
    capistrano-bundler (1.1.4)
      capistrano (~> 3.1)
      sshkit (~> 1.2)
    capistrano-harrow (0.5.1)
    capistrano-withrsync (0.2.3)
      capistrano (>= 3.1)
    celluloid (0.16.0)
      timers (~> 4.0.0)
    coderay (1.1.1)
    daemons (1.2.2)
    eventmachine (1.0.7)
    ffi (1.9.8)
    hitimes (1.2.2)
    i18n (0.7.0)
    listen (2.10.0)
      celluloid (~> 0.16.0)
      rb-fsevent (>= 0.9.3)
      rb-inotify (>= 0.9)
    method_source (0.8.2)
    net-scp (1.2.1)
      net-ssh (>= 2.6.5)
    net-ssh (3.1.1)
    parser (2.3.1.0)
      ast (~> 2.2)
    powerpack (0.1.1)
    pry (0.10.3)
      coderay (~> 1.1.0)
      method_source (~> 0.8.1)
      slop (~> 3.4)
    pry-byebug (3.4.0)
      byebug (~> 9.0)
      pry (~> 0.10)
    rack (1.6.4)
    rack-protection (1.5.3)
      rack
    rainbow (2.1.0)
    rake (11.1.2)
    rb-fsevent (0.9.4)
    rb-inotify (0.9.5)
      ffi (>= 0.5.0)
    redcarpet (3.3.2)
    rerun (0.10.0)
      listen (~> 2.7, >= 2.7.3)
    rubocop (0.40.0)
      parser (>= 2.3.1.0, < 3.0)
      powerpack (~> 0.1)
      rainbow (>= 1.99.1, < 3.0)
      ruby-progressbar (~> 1.7)
      unicode-display_width (~> 1.0, >= 1.0.1)
    ruby-progressbar (1.8.1)
    sinatra (1.4.6)
      rack (~> 1.4)
      rack-protection (~> 1.4)
      tilt (>= 1.3, < 3)
    slop (3.6.0)
    sshkit (1.10.0)
      net-scp (>= 1.1.2)
      net-ssh (>= 2.8.0)
    thin (1.6.3)
      daemons (~> 1.0, >= 1.0.9)
      eventmachine (~> 1.0)
      rack (~> 1.0)
    tilt (2.0.1)
    timers (4.0.1)
      hitimes
    unicode-display_width (1.0.5)

PLATFORMS
  ruby

DEPENDENCIES
  builder
  capistrano
  capistrano-bundler
  capistrano-withrsync
  pry
  pry-byebug
  redcarpet
  rerun
  rubocop
  sinatra
  thin

BUNDLED WITH
   1.11.2
